PATH
  remote: .
  specs:
    papertrail_utils (0.1.0)

GEM
  remote: https://rubygems.org/
  specs:
    ansi (1.5.0)
    chronic (0.10.2)
    col (1.0.2)
      term-ansicolor (>= 1.0)
    diff-lcs (1.3)
    papertrail (0.11.0)
      ansi (~> 1.5)
      chronic (~> 0.10)
    papertrail-cli (0.9.14)
      papertrail (>= 0.9.14)
    rake (10.5.0)
    rspec (3.7.0)
      rspec-core (~> 3.7.0)
      rspec-expectations (~> 3.7.0)
      rspec-mocks (~> 3.7.0)
    rspec-core (3.7.1)
      rspec-support (~> 3.7.0)
    rspec-expectations (3.7.0)
      diff-lcs (>= 1.2.0, < 2.0)
      rspec-support (~> 3.7.0)
    rspec-mocks (3.7.0)
      diff-lcs (>= 1.2.0, < 2.0)
      rspec-support (~> 3.7.0)
    rspec-support (3.7.1)
    term-ansicolor (1.6.0)
      tins (~> 1.0)
    thor (0.20.0)
    tins (1.16.3)
    tty-cursor (0.5.0)
    tty-spinner (0.8.0)
      tty-cursor (>= 0.5.0)

PLATFORMS
  ruby

DEPENDENCIES
  bundler (~> 1.16)
  col (~> 1.0)
  papertrail-cli (~> 0)
  papertrail_utils!
  rake (~> 10.0)
  rspec (~> 3.0)
  thor (~> 0.20)
  tty-spinner (~> 0.8)

BUNDLED WITH
   1.16.1
